GEM
  remote: https://rubygems.org/
  specs:
    backports (3.17.1)
    coderay (1.1.1)
    diff-lcs (1.2.5)
    dotenv (2.1.1)
    faraday (0.9.2)
      multipart-post (>= 1.2, < 3)
    json (2.0.2)
    method_source (0.8.2)
    multi_json (1.14.1)
    multipart-post (2.0.0)
    mustermann (1.0.3)
    nio4r (2.5.2)
    oj (3.10.6)
    ougai (1.8.5)
      oj (~> 3.10)
    prometheus-client (0.10.0)
    pry (0.10.4)
      coderay (~> 1.1.0)
      method_source (~> 0.8.1)
      slop (~> 3.4)
    puma (4.3.5)
      nio4r (~> 2.0)
    puma-metrics (1.1.0)
      prometheus-client (~> 0.10)
      puma (>= 3.0)
    rack (2.2.2)
    rack-protection (2.0.5)
      rack
    rack-test (0.6.3)
      rack (>= 1.0)
    rake (12.3.3)
    rspec (3.5.0)
      rspec-core (~> 3.5.0)
      rspec-expectations (~> 3.5.0)
      rspec-mocks (~> 3.5.0)
    rspec-core (3.5.4)
      rspec-support (~> 3.5.0)
    rspec-expectations (3.5.0)
      diff-lcs (>= 1.2.0, < 2.0)
      rspec-support (~> 3.5.0)
    rspec-mocks (3.5.0)
      diff-lcs (>= 1.2.0, < 2.0)
      rspec-support (~> 3.5.0)
    rspec-support (3.5.0)
    sinatra (2.0.5)
      mustermann (~> 1.0)
      rack (~> 2.0)
      rack-protection (= 2.0.5)
      tilt (~> 2.0)
    sinatra-contrib (2.0.5)
      backports (>= 2.8.2)
      multi_json
      mustermann (~> 1.0)
      rack-protection (= 2.0.5)
      sinatra (= 2.0.5)
      tilt (>= 1.3, < 3)
    slop (3.6.0)
    tilt (2.0.9)

PLATFORMS
  ruby

DEPENDENCIES
  dotenv
  faraday
  json
  ougai
  pry
  puma
  puma-metrics
  rack-test
  rake
  rspec
  sinatra
  sinatra-contrib

BUNDLED WITH
   1.17.3
